GEM
  remote: https://rubygems.org/
  specs:
    aws-eventstream (1.0.3)
    aws-partitions (1.280.0)
    aws-sdk-core (3.90.1)
      aws-eventstream (~> 1.0, >= 1.0.2)
      aws-partitions (~> 1, >= 1.239.0)
      aws-sigv4 (~> 1.1)
      jmespath (~> 1.0)
    aws-sdk-ecr (1.25.0)
      aws-sdk-core (~> 3, >= 3.71.0)
      aws-sigv4 (~> 1.1)
    aws-sigv4 (1.1.1)
      aws-eventstream (~> 1.0, >= 1.0.2)
    colored2 (3.1.2)
    concurrent-ruby (1.1.6)
    docker-api (1.34.2)
      excon (>= 0.47.0)
      multi_json
    excon (0.72.0)
    git (1.6.0)
      rchardet (~> 1.8)
    hamster (3.0.0)
      concurrent-ruby (~> 1.0)
    jmespath (1.4.0)
    lino (1.1.0)
      hamster (~> 3.0)
      open4 (~> 1.3)
    minitar (0.9)
    multi_json (1.14.1)
    open4 (1.3.4)
    rake (12.3.3)
    rake_dependencies (0.23.0)
      hamster (~> 3.0)
      minitar (~> 0.7)
      rubyzip (>= 1.2.2)
    rake_docker (0.23.0)
      aws-sdk-ecr (~> 1.2)
      colored2 (~> 3.1)
      docker-api (~> 1.34)
    rake_terraform (0.33.0)
      colored2 (~> 3.1)
      rake_dependencies (~> 0.23)
      ruby-terraform (~> 0.46)
    rchardet (1.8.0)
    ruby-terraform (0.48.0)
      lino (~> 1.1)
    rubyzip (2.2.0)
    semantic (1.6.1)

PLATFORMS
  ruby

DEPENDENCIES
  git (~> 1.5)
  rake (~> 12.3)
  rake_docker (~> 0.17)
  rake_terraform (~> 0.23)
  semantic (~> 1.6)

BUNDLED WITH
   2.1.4
