GEM
  remote: https://rubygems.org/
  specs:
    aws-sdk (2.11.152)
      aws-sdk-resources (= 2.11.152)
    aws-sdk-core (2.11.152)
      aws-sigv4 (~> 1.0)
      jmespath (~> 1.0)
    aws-sdk-resources (2.11.152)
      aws-sdk-core (= 2.11.152)
    aws-sigv4 (1.0.3)
    colored2 (3.1.2)
    concurrent-ruby (1.0.5)
    docker-api (1.34.2)
      excon (>= 0.47.0)
      multi_json
    excon (0.62.0)
    git (1.5.0)
    hamster (3.0.0)
      concurrent-ruby (~> 1.0)
    jmespath (1.4.0)
    lino (1.1.0)
      hamster (~> 3.0)
      open4 (~> 1.3)
    minitar (0.6.1)
    multi_json (1.13.1)
    open4 (1.3.4)
    rake (12.3.1)
    rake_dependencies (0.18.0)
      hamster (~> 3.0)
      minitar (~> 0.6)
      rubyzip (~> 1.1)
    rake_docker (0.15.1.pre2)
      aws-sdk (~> 2.10)
      docker-api (~> 1.34)
    rake_terraform (0.23.0)
      colored2 (~> 3.1)
      rake_dependencies (~> 0.18)
      ruby-terraform (>= 0.11.2)
    ruby-terraform (0.15.0)
      lino (~> 1.1)
    rubyzip (1.2.2)
    semantic (1.6.1)

PLATFORMS
  ruby

DEPENDENCIES
  git (~> 1.5)
  rake (~> 12.3)
  rake_docker (~> 0.15.1.pre2)
  rake_terraform (~> 0.20)
  semantic (~> 1.4, >= 1.4.1)

BUNDLED WITH
   1.16.6
