GEM
  remote: https://rubygems.org/
  specs:
    activesupport (6.0.2.1)
      concurrent-ruby (~> 1.0, >= 1.0.2)
      i18n (>= 0.7, < 2)
      minitest (~> 5.1)
      tzinfo (~> 1.1)
      zeitwerk (~> 2.2)
    addressable (2.7.0)
      public_suffix (>= 2.0.2, < 5.0)
    aws-eventstream (1.0.3)
    aws-partitions (1.281.0)
    aws-sdk-core (3.91.0)
      aws-eventstream (~> 1.0, >= 1.0.2)
      aws-partitions (~> 1, >= 1.239.0)
      aws-sigv4 (~> 1.1)
      jmespath (~> 1.0)
    aws-sdk-ecr (1.26.0)
      aws-sdk-core (~> 3, >= 3.71.0)
      aws-sigv4 (~> 1.1)
    aws-sigv4 (1.1.1)
      aws-eventstream (~> 1.0, >= 1.0.2)
    colored2 (3.1.2)
    concurrent-ruby (1.1.6)
    docker-api (1.34.2)
      excon (>= 0.47.0)
      multi_json
    excon (0.72.0)
    faraday (1.0.0)
      multipart-post (>= 1.2, < 3)
    git (1.6.0)
      rchardet (~> 1.8)
    hamster (3.0.0)
      concurrent-ruby (~> 1.0)
    i18n (1.8.2)
      concurrent-ruby (~> 1.0)
    jmespath (1.4.0)
    lino (1.1.0)
      hamster (~> 3.0)
      open4 (~> 1.3)
    minitar (0.9)
    minitest (5.14.0)
    multi_json (1.14.1)
    multipart-post (2.1.1)
    octokit (4.17.0)
      faraday (>= 0.9)
      sawyer (~> 0.8.0, >= 0.5.3)
    open4 (1.3.4)
    public_suffix (4.0.3)
    rake (13.0.1)
    rake_circle_ci (0.3.0)
      colored2 (~> 3.1)
      excon (~> 0.72)
      rake_factory (~> 0.23)
      sshkey (~> 2.0)
    rake_dependencies (2.3.0)
      hamster (~> 3.0)
      minitar (~> 0.9)
      rake_factory (~> 0.23)
      rubyzip (>= 1.3)
    rake_docker (2.9.0)
      aws-sdk-ecr (~> 1.2)
      colored2 (~> 3.1)
      docker-api (~> 1.34)
      rake_factory (~> 0.23)
    rake_factory (0.25.0)
      activesupport (>= 4)
      rake (~> 13.0)
    rake_github (0.3.0)
      colored2 (~> 3.1)
      octokit (~> 4.16)
      rake_factory (~> 0.23)
      sshkey (~> 2.0)
    rake_ssh (0.2.0)
      colored2 (~> 3.1)
      rake_factory (~> 0.23)
      sshkey (~> 2.0)
    rake_terraform (1.5.0)
      colored2 (~> 3.1)
      rake_dependencies (~> 2, < 3)
      rake_factory (>= 0.23, < 1)
      ruby-terraform (~> 0.48)
    rchardet (1.8.0)
    ruby-terraform (0.50.0)
      lino (~> 1.1)
    rubyzip (2.3.0)
    sawyer (0.8.2)
      addressable (>= 2.3.5)
      faraday (> 0.8, < 2.0)
    semantic (1.6.1)
    sshkey (2.0.0)
    thread_safe (0.3.6)
    tzinfo (1.2.6)
      thread_safe (~> 0.1)
    zeitwerk (2.3.0)

PLATFORMS
  ruby

DEPENDENCIES
  git (~> 1.6)
  rake (~> 13.0)
  rake_circle_ci (~> 0.3)
  rake_docker (~> 2.7)
  rake_github (~> 0.3)
  rake_ssh (~> 0.2)
  rake_terraform (~> 1.3)
  semantic (~> 1.6)

BUNDLED WITH
   2.1.4
